PATH
  remote: .
  specs:
    prelink (0.1.0)

GEM
  remote: http://rubygems.org/
  specs:
    allison (2.0.3)
    builder (3.1.3)
    crack (0.1.8)
    diff-lcs (1.1.3)
    echoe (4.5.1)
      allison
      gemcutter
      rubyforge
    gemcutter (0.7.0)
    json_pure (1.1.9)
    rake (0.8.7)
    rspec (2.6.0)
      rspec-core (~> 2.6.0)
      rspec-expectations (~> 2.6.0)
      rspec-mocks (~> 2.6.0)
    rspec-core (2.6.4)
    rspec-expectations (2.6.0)
      diff-lcs (~> 1.1.2)
    rspec-mocks (2.6.0)
    rubyforge (2.0.4)
      json_pure (>= 1.1.7)
    savon (0.7.9)
      builder (>= 2.1.2)
      crack (>= 0.1.4)

PLATFORMS
  ruby

DEPENDENCIES
  echoe
  prelink!
  rake (~> 0.8.7)
  rspec (~> 2.6)
  savon
